GEM
  remote: http://rubygems.org/
  specs:
    RedCloth (4.2.3)
    abstract (1.0.0)
    builder (2.1.2)
    cgi_multipart_eof_fix (2.5.0)
    coffee-script (0.3.2)
    columnize (0.3.1)
    compass (0.10.2)
      haml (>= 3.0.4)
    contest (0.1.2)
    daemons (1.1.0)
    diff-lcs (1.1.2)
    erubis (2.6.6)
      abstract (>= 1.0.0)
    fastthread (1.0.7)
    gem_plugin (0.2.3)
    gemcutter (0.6.1)
    git (1.2.5)
    haml (3.0.13)
    jeweler (1.4.0)
      gemcutter (>= 0.1.0)
      git (>= 1.2.5)
      rubyforge (>= 2.0.0)
    json_pure (1.4.3)
    less (1.2.21)
      mutter (>= 0.4.2)
      treetop (>= 1.4.2)
    linecache (0.43)
    liquid (2.1.2)
    mongrel (1.1.5)
      cgi_multipart_eof_fix (>= 2.4)
      daemons (>= 1.0.3)
      fastthread (>= 1.0.1)
      gem_plugin (>= 0.2.3)
    mutter (0.5.3)
    net-scp (1.0.1)
      net-ssh (>= 1.99.1)
    net-ssh (2.0.23)
    polyglot (0.3.1)
    rack (1.2.1)
    rack-test (0.5.4)
      rack (>= 1.0)
    rake (0.8.7)
    rdiscount (1.6.5)
    rspec (2.0.0.beta.19)
      rspec-core (= 2.0.0.beta.19)
      rspec-expectations (= 2.0.0.beta.19)
      rspec-mocks (= 2.0.0.beta.19)
    rspec-core (2.0.0.beta.19)
    rspec-expectations (2.0.0.beta.19)
      diff-lcs (>= 1.1.2)
    rspec-mocks (2.0.0.beta.19)
    ruby-debug (0.10.3)
      columnize (>= 0.1)
      ruby-debug-base (~> 0.10.3.0)
    ruby-debug-base (0.10.3)
      linecache (>= 0.3)
    rubyforge (2.0.4)
      json_pure (>= 1.1.7)
    tilt (0.9)
    treetop (1.4.8)
      polyglot (>= 0.3.1)

PLATFORMS
  ruby

DEPENDENCIES
  RedCloth
  builder
  coffee-script
  compass (>= 0.10.2)
  contest
  erubis
  haml (>= 3.0)
  jeweler
  less
  liquid
  mongrel (>= 1.0)
  net-scp (>= 1.0)
  net-ssh (>= 2.0)
  rack (>= 1.0)
  rack-test (>= 0.5)
  rake
  rdiscount
  rspec (>= 2.0.0.beta.19)
  ruby-debug
  tilt (= 0.9)
